GEM
  remote: https://rubygems.org/
  specs:
    date (1.0.0)
    domain_name (0.5.20170404)
      unf (>= 0.0.5, < 1.0.0)
    http-cookie (1.0.3)
      domain_name (~> 0.5)
    mechanize (2.7.5)
      domain_name (~> 0.5, >= 0.5.1)
      http-cookie (~> 1.0)
      mime-types (>= 1.17.2)
      net-http-digest_auth (~> 1.1, >= 1.1.1)
      net-http-persistent (~> 2.5, >= 2.5.2)
      nokogiri (~> 1.6)
      ntlm-http (~> 0.1, >= 0.1.1)
      webrobots (>= 0.0.9, < 0.2)
    mime-types (3.1)
      mime-types-data (~> 3.2015)
    mime-types-data (3.2016.0521)
    mini_portile2 (2.3.0)
    mysql2 (0.4.10)
    net-http-digest_auth (1.4.1)
    net-http-persistent (2.9.4)
    netrc (0.11.0)
    nokogiri (1.8.1)
      mini_portile2 (~> 2.3.0)
    ntlm-http (0.1.1)
    pp (0.1.1)
    rest-client (2.0.2)
      http-cookie (>= 1.0.2, < 2.0)
      mime-types (>= 1.16, < 4.0)
      netrc (~> 0.8)
    sequel (5.3.0)
    unf (0.1.4)
      unf_ext
    unf_ext (0.0.7.4)
    webrobots (0.1.2)

PLATFORMS
  ruby

DEPENDENCIES
  date
  mechanize
  mysql2
  pp
  rest-client
  sequel

BUNDLED WITH
   1.16.1
